PATH
  remote: ../..
  specs:
    obsws (0.1.3)
      observer (~> 0.1.1)
      waitutil (~> 0.2.1)
      websocket-driver (~> 0.7.5)

GEM
  remote: https://rubygems.org/
  specs:
    observer (0.1.1)
    waitutil (0.2.1)
    websocket-driver (0.7.5)
      websocket-extensions (>= 0.1.0)
    websocket-extensions (0.1.5)

PLATFORMS
  x64-mingw-ucrt

DEPENDENCIES
  obsws!

BUNDLED WITH
   2.4.15
